GIT
  remote: git://github.com/Chorus/gnip.git
  revision: a6bcb4e7981022c6e0c9f70e311200b82451ef2e
  specs:
    chorusgnip (0.0.1)

GIT
  remote: git://github.com/Chorus/jetpack.git
  revision: fd7a55d8a95174583f134805df2d0179ae2297c7
  branch: 6c9253195b+chorus
  specs:
    jetpack (0.1.5)

GIT
  remote: git://github.com/Chorus/queue_classic.git
  revision: 3f30501e8bb15f394c07401aab083771ca5598f7
  specs:
    queue_classic (2.0.0)
      scrolls (~> 0.0.8)

GIT
  remote: git://github.com/Chorus/rspec_api_documentation.git
  revision: 1ed1babde572662a16c1f4e1d747f64ffca91d39
  specs:
    rspec_api_documentation (0.8.0)
      activesupport (>= 3.0.0)
      i18n (>= 0.1.0)
      json (>= 1.4.6)
      mustache (>= 0.99.4)
      rspec (>= 2.6.0)
      webmock (>= 1.7.0)

GIT
  remote: git://github.com/charleshansen/backbone_fixtures_rails.git
  revision: 0bb6b749407059980e81644c81a01e265b113607
  specs:
    backbone_fixtures_rails (0.0.3)
      jasmine
      railties (>= 3.1)
      rspec

GIT
  remote: git://github.com/pivotal/jasmine-gem.git
  revision: 2cd7c64999924e0b8525e5af0d05629a54837332
  specs:
    jasmine (2.3.0)
      jasmine-core (~> 2.3)
      phantomjs
      rack (>= 1.2.1)
      rake

GIT
  remote: git://github.com/pivotal/jasmine.git
  revision: 7e6e905814d70156814110ab85b7c188b85de7b5
  specs:
    jasmine-core (2.3.4)

GEM
  remote: https://rubygems.org/
  specs:
    actionmailer (4.2.1)
      actionpack (= 4.2.1)
      actionview (= 4.2.1)
      activejob (= 4.2.1)
      mail (~> 2.5, >= 2.5.4)
      rails-dom-testing (~> 1.0, >= 1.0.5)
    actionpack (4.2.1)
      actionview (= 4.2.1)
      activesupport (= 4.2.1)
      rack (~> 1.6)
      rack-test (~> 0.6.2)
      rails-dom-testing (~> 1.0, >= 1.0.5)
      rails-html-sanitizer (~> 1.0, >= 1.0.1)
    actionview (4.2.1)
      activesupport (= 4.2.1)
      builder (~> 3.1)
      erubis (~> 2.7.0)
      rails-dom-testing (~> 1.0, >= 1.0.5)
      rails-html-sanitizer (~> 1.0, >= 1.0.1)
    activejob (4.2.1)
      activesupport (= 4.2.1)
      globalid (>= 0.3.0)
    activemodel (4.2.1)
      activesupport (= 4.2.1)
      builder (~> 3.1)
    activerecord (4.2.1)
      activemodel (= 4.2.1)
      activesupport (= 4.2.1)
      arel (~> 6.0)
    activerecord-jdbc-adapter (1.3.7)
      activerecord (>= 2.2)
    activerecord-jdbcpostgresql-adapter (1.3.7)
      activerecord-jdbc-adapter (~> 1.3.7)
      jdbc-postgres (>= 9.1)
    activeresource (4.0.0)
      activemodel (~> 4.0)
      activesupport (~> 4.0)
      rails-observers (~> 0.1.1)
    activesupport (4.2.1)
      i18n (~> 0.7)
      json (~> 1.7, >= 1.7.7)
      minitest (~> 5.1)
      thread_safe (~> 0.3, >= 0.3.4)
      tzinfo (~> 1.1)
    addressable (2.3.5)
    allowy (0.4.0)
      activesupport (>= 3.2)
      i18n
    arel (6.0.0)
    attr_encrypted (1.2.1)
      encryptor (>= 1.1.1)
    builder (3.2.2)
    bullet (4.6.0)
      uniform_notifier
    capistrano (2.15.5)
      highline
      net-scp (>= 1.0.0)
      net-sftp (>= 2.0.0)
      net-ssh (>= 2.0.14)
      net-ssh-gateway (>= 1.1.0)
    capybara (2.0.3)
      mime-types (>= 1.16)
      nokogiri (>= 1.3.3)
      rack (>= 1.0.0)
      rack-test (>= 0.5.4)
      selenium-webdriver (~> 2.0)
      xpath (~> 1.0.0)
    capybara-screenshot (1.0.9)
      capybara (>= 1.0, < 3)
      launchy
    childprocess (0.3.9)
      ffi (~> 1.0, >= 1.0.11)
    choice (0.1.6)
    chunky_png (1.3.4)
    ci_reporter (1.9.0)
      builder (>= 2.1.2)
    climate_control (0.0.3)
      activesupport (>= 3.0)
    clockwork (1.2.0)
      activesupport
      tzinfo
    cocaine (0.5.7)
      climate_control (>= 0.0.3, < 1.0)
    codemirror-rails (3.23)
      railties (>= 3.0, < 5)
    coderay (1.1.0)
    compass (1.0.3)
      chunky_png (~> 1.2)
      compass-core (~> 1.0.2)
      compass-import-once (~> 1.0.5)
      rb-fsevent (>= 0.9.3)
      rb-inotify (>= 0.9)
      sass (>= 3.3.13, < 3.5)
    compass-core (1.0.3)
      multi_json (~> 1.0)
      sass (>= 3.3.0, < 3.5)
    compass-import-once (1.0.5)
      sass (>= 3.2, < 3.5)
    compass-rails (2.0.4)
      compass (~> 1.0.0)
      sass-rails (<= 5.0.1)
      sprockets (< 2.13)
    crack (0.4.1)
      safe_yaml (~> 0.9.0)
    css_parser (1.3.4)
      addressable
    database_cleaner (1.1.1)
    diff-lcs (1.2.5)
    dotenv (0.8.0)
    encryptor (1.1.3)
    erubis (2.7.0)
    eventmachine (1.0.7)
    eventmachine (1.0.7-java)
    execjs (2.5.2)
    factory_girl (4.2.0)
      activesupport (>= 3.0.0)
    fakefs (0.4.2)
    faker (1.2.0)
      i18n (~> 0.5)
    fakeweb (1.3.0)
    faye-websocket (0.4.7)
      eventmachine (>= 0.12.0)
    faye-websocket (0.4.7-java)
      eventmachine (>= 0.12.0)
    ffi (1.9.8)
    ffi (1.9.8-java)
    fixture_builder (0.3.6)
      activerecord (>= 2)
      activesupport (>= 2)
    foreman (0.63.0)
      dotenv (>= 0.7)
      thor (>= 0.13.6)
    foreman (0.63.0-java)
      dotenv (>= 0.7)
      thor (>= 0.13.6)
    fuubar (1.1.1)
      rspec (~> 2.0)
      rspec-instafail (~> 0.2.0)
      ruby-progressbar (~> 1.0)
    globalid (0.3.5)
      activesupport (>= 4.1.0)
    handlebars_assets (0.20.2)
      execjs (~> 2.0)
      multi_json (~> 1.0)
      sprockets (>= 2.0.0, < 4.0)
      tilt (~> 1.2)
    hashie (2.0.5)
    headless (1.0.1)
    highline (1.6.21)
    hike (1.2.3)
    honor_codes (0.1.1)
      thor (~> 0.18.1)
    htmlentities (4.3.1)
    http_parser.rb (0.5.3)
    http_parser.rb (0.5.3-java)
    i18n (0.7.0)
    jbuilder (2.2.6)
      activesupport (>= 3.0.0, < 5)
      multi_json (~> 1.2)
    jdbc-postgres (9.3.1101)
    jdbc-sqlite3 (3.7.2.1)
    journey (1.0.4)
    jquery-rails (2.1.4)
      railties (>= 3.0, < 5.0)
      thor (>= 0.14, < 2.0)
    jruby-openssl (0.9.5-java)
    json (1.8.3)
    json (1.8.3-java)
    ladle (1.0.0)
      open4 (~> 1.0)
    ladle (1.0.0-java)
    launchy (2.4.3)
      addressable (~> 2.3)
    launchy (2.4.3-java)
      addressable (~> 2.3)
      spoon (~> 0.0.1)
    license_finder (0.8.2)
      bundler
      sequel
      sqlite3
      thor
    license_finder (0.8.2-java)
      bundler
      jdbc-sqlite3
      sequel
      thor
    logger-syslog (1.7.1)
    loofah (2.0.2)
      nokogiri (>= 1.5.9)
    mail (2.6.3)
      mime-types (>= 1.16, < 3)
    messengerjs-rails (1.4.1)
    method_source (0.8.2)
    mime-types (2.6.1)
    mini_portile (0.6.2)
    minitest (5.7.0)
    mizuno (0.6.6)
      childprocess (>= 0.2.6)
      choice (>= 0.1.0)
      ffi (>= 1.0.0)
      rack (>= 1.0.0)
    multi_json (1.11.1)
    mustache (0.99.4)
    net-ldap (0.11)
    net-scp (1.2.1)
      net-ssh (>= 2.6.5)
    net-sftp (2.1.2)
      net-ssh (>= 2.6.5)
    net-ssh (2.9.2)
    net-ssh-gateway (1.2.0)
      net-ssh (>= 2.6.5)
    newrelic_rpm (3.6.6.147)
    nokogiri (1.6.6.2)
      mini_portile (~> 0.6.0)
    nokogiri (1.6.6.2-java)
    open4 (1.3.4)
    paperclip (4.2.0)
      activemodel (>= 3.0.0)
      activesupport (>= 3.0.0)
      cocaine (~> 0.5.3)
      mime-types
    phantomjs (1.9.8.0)
    poltergeist (1.1.2)
      capybara (~> 2.0.1)
      faye-websocket (~> 0.4.4)
      http_parser.rb (~> 0.5.3)
    pr_geohash (1.0.0)
    premailer (1.7.3)
      css_parser (>= 1.1.9)
      htmlentities (>= 4.0.0)
    premailer-rails (1.4.0)
      premailer (~> 1.7)
      rails (>= 3)
    protected_attributes (1.0.9)
      activemodel (>= 4.0.1, < 5.0)
    pry (0.10.1)
      coderay (~> 1.1.0)
      method_source (~> 0.8.1)
      slop (~> 3.4)
    pry (0.10.1-java)
      coderay (~> 1.1.0)
      method_source (~> 0.8.1)
      slop (~> 3.4)
      spoon (~> 0.0)
    pry-nav (0.2.4)
      pry (>= 0.9.10, < 0.11.0)
    quiet_assets (1.1.0)
      railties (>= 3.1, < 5.0)
    rack (1.6.1)
    rack-test (0.6.3)
      rack (>= 1.0)
    rails (4.2.1)
      actionmailer (= 4.2.1)
      actionpack (= 4.2.1)
      actionview (= 4.2.1)
      activejob (= 4.2.1)
      activemodel (= 4.2.1)
      activerecord (= 4.2.1)
      activesupport (= 4.2.1)
      bundler (>= 1.3.0, < 2.0)
      railties (= 4.2.1)
      sprockets-rails
    rails-deprecated_sanitizer (1.0.3)
      activesupport (>= 4.2.0.alpha)
    rails-dom-testing (1.0.6)
      activesupport (>= 4.2.0.beta, < 5.0)
      nokogiri (~> 1.6.0)
      rails-deprecated_sanitizer (>= 1.0.1)
    rails-html-sanitizer (1.0.2)
      loofah (~> 2.0)
    rails-observers (0.1.2)
      activemodel (~> 4.0)
    railties (4.2.1)
      actionpack (= 4.2.1)
      activesupport (= 4.2.1)
      rake (>= 0.8.7)
      thor (>= 0.18.1, < 2.0)
    rake (10.4.2)
    rb-fsevent (0.9.5)
    rb-inotify (0.9.5)
      ffi (>= 0.5.0)
    render_anywhere (0.0.10)
      rails (>= 3.0.7)
    rr (1.1.2)
    rsolr (1.0.12)
      builder (>= 2.1.2)
    rspec (2.14.1)
      rspec-core (~> 2.14.0)
      rspec-expectations (~> 2.14.0)
      rspec-mocks (~> 2.14.0)
    rspec-core (2.14.8)
    rspec-expectations (2.14.4)
      diff-lcs (>= 1.1.3, < 2.0)
    rspec-instafail (0.2.4)
    rspec-mocks (2.14.4)
    rspec-rails (2.14.0)
      actionpack (>= 3.0)
      activesupport (>= 3.0)
      railties (>= 3.0)
      rspec-core (~> 2.14.0)
      rspec-expectations (~> 2.14.0)
      rspec-mocks (~> 2.14.0)
    ruby-progressbar (1.1.1)
    rubyzip (1.1.7)
    safe_yaml (0.9.7)
    sass (3.4.14)
    sass-rails (5.0.1)
      railties (>= 4.0.0, < 5.0)
      sass (~> 3.1)
      sprockets (>= 2.8, < 4.0)
      sprockets-rails (>= 2.0, < 4.0)
      tilt (~> 1.1)
    scrolls (0.0.9)
    selenium-webdriver (2.39.0)
      childprocess (>= 0.2.5)
      multi_json (~> 1.0)
      rubyzip (~> 1.0)
      websocket (~> 1.0.4)
    sequel (4.6.0)
    shoulda-matchers (2.3.0)
      activesupport (>= 3.0.0)
    slop (3.6.0)
    spoon (0.0.4)
      ffi
    sprockets (2.12.3)
      hike (~> 1.2)
      multi_json (~> 1.0)
      rack (~> 1.0)
      tilt (~> 1.1, != 1.3.0)
    sprockets-rails (2.3.1)
      actionpack (>= 3.0)
      activesupport (>= 3.0)
      sprockets (>= 2.8, < 4.0)
    sqlite3 (1.3.8)
    sunspot (2.2.0)
      pr_geohash (~> 1.0)
      rsolr (~> 1.0.7)
    sunspot_matchers (2.2.0.0)
    sunspot_rails (2.2.0)
      nokogiri
      rails (>= 3)
      sunspot (= 2.2.0)
    sunspot_solr (2.2.0)
    therubyrhino (2.0.4)
      therubyrhino_jar (>= 1.7.3)
    therubyrhino_jar (1.7.6)
    thor (0.18.1)
    thread_safe (0.3.5)
    thread_safe (0.3.5-java)
    tilt (1.4.1)
    timecop (0.6.3)
    tzinfo (1.2.2)
      thread_safe (~> 0.1)
    uglifier (2.7.1)
      execjs (>= 0.3.0)
      json (>= 1.8.0)
    uniform_notifier (1.2.0)
    vcr (2.3.0)
    webmock (1.16.0)
      addressable (>= 2.2.7)
      crack (>= 0.3.2)
    websocket (1.0.7)
    will_paginate (3.0.4)
    xpath (1.0.0)
      nokogiri (~> 1.3)
    yui-compressor (0.12.0)

PLATFORMS
  java
  ruby

DEPENDENCIES
  activerecord-jdbcpostgresql-adapter
  activeresource
  allowy (= 0.4.0)
  attr_encrypted
  backbone_fixtures_rails!
  bullet
  capistrano (= 2.15.5)
  capybara (~> 2.0.0)
  capybara-screenshot
  chorusgnip!
  chunky_png
  ci_reporter (>= 1.8.2)
  clockwork
  codemirror-rails (= 3.23)
  compass-rails
  database_cleaner
  factory_girl
  fakefs
  faker
  fakeweb
  fixture_builder
  foreman (>= 0.62)
  fuubar
  handlebars_assets
  hashie
  headless
  honor_codes (~> 0.1.0)
  jasmine!
  jasmine-core!
  jbuilder
  jetpack!
  journey
  jquery-rails (= 2.1.4)
  jruby-openssl
  ladle
  license_finder (~> 0.8.1)
  logger-syslog
  messengerjs-rails
  minitest
  mizuno
  mustache (= 0.99.4)
  net-ldap (= 0.11)
  newrelic_rpm
  nokogiri
  paperclip (= 4.2.0)
  poltergeist
  premailer-rails
  protected_attributes
  pry
  pry-nav
  queue_classic!
  quiet_assets
  rails (= 4.2.1)
  rake
  render_anywhere
  rr
  rsolr
  rspec (= 2.14.1)
  rspec-rails
  rspec_api_documentation!
  sass-rails
  sequel (~> 4.0)
  shoulda-matchers
  sunspot_matchers (= 2.2.0)
  sunspot_rails (= 2.2.0)
  sunspot_solr (= 2.2.0)
  therubyrhino
  timecop
  uglifier
  vcr (~> 2.3.0)
  will_paginate (= 3.0.4)
  yui-compressor (= 0.12.0)

BUNDLED WITH
   1.10.3
