GIT
  remote: git://github.com/Chorus/gnip.git
  revision: a6bcb4e7981022c6e0c9f70e311200b82451ef2e
  specs:
    chorusgnip (0.0.1)

GIT
  remote: git://github.com/Chorus/jetpack.git
  revision: fd7a55d8a95174583f134805df2d0179ae2297c7
  branch: 6c9253195b+chorus
  specs:
    jetpack (0.1.5)

GIT
  remote: git://github.com/Chorus/queue_classic.git
  revision: 3f30501e8bb15f394c07401aab083771ca5598f7
  specs:
    queue_classic (2.0.0)
      scrolls (~> 0.0.8)

GIT
  remote: git://github.com/Chorus/rspec_api_documentation.git
  revision: 1ed1babde572662a16c1f4e1d747f64ffca91d39
  specs:
    rspec_api_documentation (0.8.0)
      activesupport (>= 3.0.0)
      i18n (>= 0.1.0)
      json (>= 1.4.6)
      mustache (>= 0.99.4)
      rspec (>= 2.6.0)
      webmock (>= 1.7.0)

GIT
  remote: git://github.com/taktsoft/sunspot.git
  revision: 78717a33894271d012682dbe8902458badb0ca63
  ref: 78717a33894271d012682dbe8902458badb0ca63
  specs:
    sunspot_solr (2.0.0.pre.120720)

GEM
  remote: https://rubygems.org/
  specs:
    actionmailer (4.0.13)
      actionpack (= 4.0.13)
      mail (~> 2.5, >= 2.5.4)
    actionpack (4.0.13)
      activesupport (= 4.0.13)
      builder (~> 3.1.0)
      erubis (~> 2.7.0)
      rack (~> 1.5.2)
      rack-test (~> 0.6.2)
    activemodel (4.0.13)
      activesupport (= 4.0.13)
      builder (~> 3.1.0)
    activerecord (4.0.13)
      activemodel (= 4.0.13)
      activerecord-deprecated_finders (~> 1.0.2)
      activesupport (= 4.0.13)
      arel (~> 4.0.0)
    activerecord-deprecated_finders (1.0.4)
    activerecord-jdbc-adapter (1.3.16)
      activerecord (>= 2.2)
    activerecord-jdbcpostgresql-adapter (1.3.16)
      activerecord-jdbc-adapter (~> 1.3.16)
      jdbc-postgres (>= 9.1)
    activeresource (4.0.0)
      activemodel (~> 4.0)
      activesupport (~> 4.0)
      rails-observers (~> 0.1.1)
    activesupport (4.0.13)
      i18n (~> 0.6, >= 0.6.9)
      minitest (~> 4.2)
      multi_json (~> 1.3)
      thread_safe (~> 0.1)
      tzinfo (~> 0.3.37)
    addressable (2.3.5)
    allowy (0.4.0)
      activesupport (>= 3.2)
      i18n
    arel (4.0.2)
    attr_encrypted (1.2.1)
      encryptor (>= 1.1.1)
    builder (3.1.4)
    bullet (4.6.0)
      uniform_notifier
    capistrano (2.15.5)
      highline
      net-scp (>= 1.0.0)
      net-sftp (>= 2.0.0)
      net-ssh (>= 2.0.14)
      net-ssh-gateway (>= 1.1.0)
    childprocess (0.3.9)
      ffi (~> 1.0, >= 1.0.11)
    choice (0.1.6)
    chunky_png (1.3.3)
    ci_reporter (1.9.0)
      builder (>= 2.1.2)
    climate_control (0.0.3)
      activesupport (>= 3.0)
    clockwork (0.6.0)
      activesupport
      tzinfo (~> 0.3.35)
    cocaine (0.5.7)
      climate_control (>= 0.0.3, < 1.0)
    codemirror-rails (3.23)
      railties (>= 3.0, < 5)
    coderay (1.1.0)
    crack (0.4.1)
      safe_yaml (~> 0.9.0)
    css_parser (1.3.4)
      addressable
    database_cleaner (1.1.1)
    diff-lcs (1.2.5)
    dotenv (0.8.0)
    encryptor (1.1.3)
    erubis (2.7.0)
    factory_girl (4.2.0)
      activesupport (>= 3.0.0)
    fakefs (0.4.2)
    faker (1.2.0)
      i18n (~> 0.5)
    fakeweb (1.3.0)
    ffi (1.9.3)
    ffi (1.9.3-java)
    fixture_builder (0.3.6)
      activerecord (>= 2)
      activesupport (>= 2)
    foreman (0.63.0)
      dotenv (>= 0.7)
      thor (>= 0.13.6)
    foreman (0.63.0-java)
      dotenv (>= 0.7)
      thor (>= 0.13.6)
    fuubar (1.1.1)
      rspec (~> 2.0)
      rspec-instafail (~> 0.2.0)
      ruby-progressbar (~> 1.0)
    hashie (2.0.5)
    highline (1.6.21)
    honor_codes (0.1.1)
      thor (~> 0.18.1)
    htmlentities (4.3.1)
    i18n (0.7.0)
    jbuilder (2.2.6)
      activesupport (>= 3.0.0, < 5)
      multi_json (~> 1.2)
    jdbc-postgres (9.4.1200)
    jdbc-sqlite3 (3.7.2.1)
    journey (1.0.4)
    jruby-openssl (0.9.5-java)
    json (1.8.2)
    json (1.8.2-java)
    ladle (1.0.0)
      open4 (~> 1.0)
    ladle (1.0.0-java)
    license_finder (0.8.2)
      bundler
      sequel
      sqlite3
      thor
    license_finder (0.8.2-java)
      bundler
      jdbc-sqlite3
      sequel
      thor
    logger-syslog (1.7.1)
    mail (2.6.3)
      mime-types (>= 1.16, < 3)
    messengerjs-rails (1.4.1)
    method_source (0.8.2)
    mime-types (2.5)
    mini_portile (0.5.1)
    minitest (4.7.5)
    mizuno (0.6.6)
      childprocess (>= 0.2.6)
      choice (>= 0.1.0)
      ffi (>= 1.0.0)
      rack (>= 1.0.0)
    multi_json (1.11.0)
    mustache (0.99.5)
    net-ldap (0.11)
    net-scp (1.2.1)
      net-ssh (>= 2.6.5)
    net-sftp (2.1.2)
      net-ssh (>= 2.6.5)
    net-ssh (2.9.2)
    net-ssh-gateway (1.2.0)
      net-ssh (>= 2.6.5)
    newrelic_rpm (3.6.6.147)
    nokogiri (1.6.0)
      mini_portile (~> 0.5.0)
    nokogiri (1.6.0-java)
      mini_portile (~> 0.5.0)
    open4 (1.3.4)
    paperclip (4.2.1)
      activemodel (>= 3.0.0)
      activesupport (>= 3.0.0)
      cocaine (~> 0.5.3)
      mime-types
    pr_geohash (1.0.0)
    premailer (1.7.3)
      css_parser (>= 1.1.9)
      htmlentities (>= 4.0.0)
    premailer-rails (1.4.0)
      premailer (~> 1.7)
      rails (>= 3)
    protected_attributes (1.0.9)
      activemodel (>= 4.0.1, < 5.0)
    pry (0.10.1)
      coderay (~> 1.1.0)
      method_source (~> 0.8.1)
      slop (~> 3.4)
    pry (0.10.1-java)
      coderay (~> 1.1.0)
      method_source (~> 0.8.1)
      slop (~> 3.4)
      spoon (~> 0.0)
    pry-nav (0.2.4)
      pry (>= 0.9.10, < 0.11.0)
    quiet_assets (1.1.0)
      railties (>= 3.1, < 5.0)
    rack (1.5.3)
    rack-test (0.6.3)
      rack (>= 1.0)
    rails (4.0.13)
      actionmailer (= 4.0.13)
      actionpack (= 4.0.13)
      activerecord (= 4.0.13)
      activesupport (= 4.0.13)
      bundler (>= 1.3.0, < 2.0)
      railties (= 4.0.13)
      sprockets-rails (~> 2.0)
    rails-observers (0.1.2)
      activemodel (~> 4.0)
    railties (4.0.13)
      actionpack (= 4.0.13)
      activesupport (= 4.0.13)
      rake (>= 0.8.7)
      thor (>= 0.18.1, < 2.0)
    rake (10.4.2)
    render_anywhere (0.0.10)
      rails (>= 3.0.7)
    rr (1.1.2)
    rsolr (1.0.9)
      builder (>= 2.1.2)
    rspec (2.14.1)
      rspec-core (~> 2.14.0)
      rspec-expectations (~> 2.14.0)
      rspec-mocks (~> 2.14.0)
    rspec-core (2.14.7)
    rspec-expectations (2.14.4)
      diff-lcs (>= 1.1.3, < 2.0)
    rspec-instafail (0.2.4)
    rspec-mocks (2.14.4)
    rspec-rails (2.14.0)
      actionpack (>= 3.0)
      activesupport (>= 3.0)
      railties (>= 3.0)
      rspec-core (~> 2.14.0)
      rspec-expectations (~> 2.14.0)
      rspec-mocks (~> 2.14.0)
    ruby-progressbar (1.1.1)
    safe_yaml (0.9.7)
    scrolls (0.0.9)
    sequel (4.6.0)
    shoulda-matchers (2.3.0)
      activesupport (>= 3.0.0)
    slop (3.6.0)
    spoon (0.0.4)
      ffi
    sprockets (3.1.0)
      rack (~> 1.0)
    sprockets-rails (2.3.0)
      actionpack (>= 3.0)
      activesupport (>= 3.0)
      sprockets (>= 2.8, < 4.0)
    sqlite3 (1.3.8)
    sunspot (2.0.0)
      pr_geohash (~> 1.0)
      rsolr (~> 1.0.7)
    sunspot_matchers (2.0.0.4)
    sunspot_rails (2.0.0)
      nokogiri
      sunspot (= 2.0.0)
    thor (0.18.1)
    thread_safe (0.3.5)
    thread_safe (0.3.5-java)
    timecop (0.6.3)
    tzinfo (0.3.44)
    uniform_notifier (1.2.0)
    vcr (2.3.0)
    webmock (1.16.0)
      addressable (>= 2.2.7)
      crack (>= 0.3.2)
    will_paginate (3.0.4)

PLATFORMS
  java
  ruby

DEPENDENCIES
  activerecord-jdbcpostgresql-adapter
  activeresource
  allowy
  attr_encrypted
  bullet
  capistrano (= 2.15.5)
  chorusgnip!
  chunky_png
  ci_reporter (>= 1.8.2)
  clockwork
  codemirror-rails (= 3.23)
  database_cleaner
  factory_girl
  fakefs
  faker
  fakeweb
  fixture_builder
  foreman (>= 0.62)
  fuubar
  hashie
  honor_codes (~> 0.1.0)
  jbuilder
  jetpack!
  journey
  jruby-openssl
  ladle
  license_finder (~> 0.8.1)
  logger-syslog
  messengerjs-rails
  mizuno
  net-ldap (= 0.11)
  newrelic_rpm
  nokogiri
  paperclip (= 4.2.1)
  premailer-rails
  protected_attributes
  pry
  pry-nav
  queue_classic!
  quiet_assets
  rails (= 4.0.13)
  rake
  render_anywhere
  rr
  rspec (= 2.14.1)
  rspec-rails
  rspec_api_documentation!
  sequel (~> 4.0)
  shoulda-matchers
  sunspot_matchers
  sunspot_rails (~> 2.0.0)
  sunspot_solr!
  timecop
  vcr (~> 2.3.0)
  will_paginate

BUNDLED WITH
   1.10.3
